PATH
  remote: .
  specs:
    plotty (0.5.0)
      samovar
      tty-screen

GEM
  remote: https://rubygems.org/
  specs:
    coderay (1.1.2)
    console (1.4.0)
    diff-lcs (1.3)
    mapping (1.1.1)
    method_source (0.9.2)
    pry (0.12.2)
      coderay (~> 1.1.0)
      method_source (~> 0.9.0)
    rake (10.5.0)
    rspec (3.8.0)
      rspec-core (~> 3.8.0)
      rspec-expectations (~> 3.8.0)
      rspec-mocks (~> 3.8.0)
    rspec-core (3.8.2)
      rspec-support (~> 3.8.0)
    rspec-expectations (3.8.4)
      diff-lcs (>= 1.2.0, < 2.0)
      rspec-support (~> 3.8.0)
    rspec-mocks (3.8.1)
      diff-lcs (>= 1.2.0, < 2.0)
      rspec-support (~> 3.8.0)
    rspec-support (3.8.2)
    samovar (2.1.1)
      console (~> 1.0)
      mapping (~> 1.0)
    tty-screen (0.7.0)

PLATFORMS
  ruby

DEPENDENCIES
  bundler (~> 1.16)
  plotty!
  pry
  rake (~> 10.0)
  rspec (~> 3.0)

BUNDLED WITH
   1.17.3
